GEM
  remote: https://rubygems.org/
  specs:
    watchable (0.0.1)

PLATFORMS
  ruby

DEPENDENCIES
  watchable
